REDIRECTS: ON
RESTRICTION: == net451
NUGET
  remote: https://www.nuget.org/api/v2
    EventFlow (0.46.2886)
      Newtonsoft.Json (>= 10.0.2)
    MongoDB.Bson (2.4.4)
    MongoDB.Driver (2.4.4)
      MongoDB.Bson (>= 2.4.4)
      MongoDB.Driver.Core (>= 2.4.4)
    MongoDB.Driver.Core (2.4.4)
      MongoDB.Bson (>= 2.4.4)
      System.Runtime.InteropServices.RuntimeInformation (>= 4.0)
    Newtonsoft.Json (10.0.3)
    System.Runtime.InteropServices.RuntimeInformation (4.3)

GROUP Test
REDIRECTS: ON
RESTRICTION: == net451
NUGET
  remote: https://www.nuget.org/api/v2
    AutoFixture (3.50.2)
    AutoFixture.AutoMoq (3.50.2)
      AutoFixture (>= 3.50.2)
      Moq (>= 4.1.1308.2120)
    Castle.Core (4.1)
    FluentAssertions (4.19.2)
    Helpz (0.2.64)
    Moq (4.7.49)
      Castle.Core (>= 4.1)
    NUnit (3.7.1)
